GEM
  remote: https://rubygems.org/
  specs:
    dotenv (0.7.0)
    ethon (0.5.12)
      ffi (>= 1.3.0)
      mime-types (~> 1.18)
    ffi (1.9.0)
    firebase (0.1.4)
      json
      typhoeus (>= 0.6.1)
    json (1.7.7)
    mime-types (1.22)
    nestful (1.0.4)
    rack (1.5.2)
    rack-protection (1.5.0)
      rack
    sinatra (1.4.3)
      rack (~> 1.4)
      rack-protection (~> 1.4)
      tilt (~> 1.3, >= 1.3.4)
    tilt (1.4.1)
    typhoeus (0.6.3)
      ethon (~> 0.5.11)

PLATFORMS
  ruby

DEPENDENCIES
  dotenv
  firebase
  nestful
  sinatra
